GEM
  remote: http://rubygems.org/
  specs:
    backports (3.6.8)
    haml (4.0.7)
      tilt
    multi_json (1.11.2)
    pg (0.18.4)
    pg (0.18.4-x86-mingw32)
    rack (1.6.4)
    rack-protection (1.5.3)
      rack
    rack-test (0.6.3)
      rack (>= 1.0)
    sequel (4.32.0)
    sequel_pg (1.6.14)
      pg (>= 0.8.0)
      sequel (>= 3.39.0)
    sinatra (1.4.7)
      rack (~> 1.5)
      rack-protection (~> 1.4)
      tilt (>= 1.3, < 3)
    sinatra-contrib (1.4.6)
      backports (>= 2.0)
      multi_json
      rack-protection
      rack-test
      sinatra (~> 1.4.0)
      tilt (>= 1.3, < 3)
    sqlite3 (1.3.11)
    sqlite3 (1.3.11-x86-mingw32)
    tilt (2.0.2)

PLATFORMS
  ruby
  x86-mingw32

DEPENDENCIES
  haml
  sequel
  sequel_pg
  sinatra
  sinatra-contrib
  sqlite3

BUNDLED WITH
   1.11.2
